GIT
  remote: https://github.com/chipmunk-rb/chipmunk
  revision: f161f160c06bf62b79f4fb20c876f3b6f99f4fe0
  specs:
    chipmunk (6.1.3.4)

GIT
  remote: https://github.com/tnantoka/magick_canvas
  revision: b8eb3bf72eef32e4411fe99cef2bce05a9ba738e
  specs:
    magick_canvas (0.1.1)
      listen (~> 3.2.1)
      rmagick (~> 4.0.0)
      thor (~> 1.0.1)

GEM
  remote: https://rubygems.org/
  specs:
    ast (2.4.0)
    ffi (1.11.3)
    jaro_winkler (1.5.4)
    listen (3.2.1)
      rb-fsevent (~> 0.10, >= 0.10.3)
      rb-inotify (~> 0.9, >= 0.9.10)
    parallel (1.19.1)
    parser (2.6.5.0)
      ast (~> 2.4.0)
    perlin_noise (0.1.3)
    power_assert (1.1.5)
    rainbow (3.0.0)
    rb-fsevent (0.10.3)
    rb-inotify (0.10.1)
      ffi (~> 1.0)
    rmagick (4.0.0)
    rubocop (0.77.0)
      jaro_winkler (~> 1.5.1)
      parallel (~> 1.10)
      parser (>= 2.6)
      rainbow (>= 2.2.2, < 4.0)
      ruby-progressbar (~> 1.7)
      unicode-display_width (>= 1.4.0, < 1.7)
    ruby-progressbar (1.10.1)
    test-unit (3.3.4)
      power_assert
    thor (1.0.1)
    unicode-display_width (1.6.0)

PLATFORMS
  ruby

DEPENDENCIES
  chipmunk!
  magick_canvas!
  perlin_noise
  rubocop
  test-unit

BUNDLED WITH
   2.1.2
